GIT
  remote: https://github.com/parti-coop/activeadmin_easymde
  revision: 59ad8c9b4f3f202487af94eae014aca2e8151dc1
  specs:
    activeadmin_easymde (2.9.1)
      activeadmin (~> 2.0)

GEM
  remote: https://rubygems.org/
  specs:
    CFPropertyList (2.3.6)
    actioncable (5.2.5)
      actionpack (= 5.2.5)
      nio4r (~> 2.0)
      websocket-driver (>= 0.6.1)
    actionmailer (5.2.5)
      actionpack (= 5.2.5)
      actionview (= 5.2.5)
      activejob (= 5.2.5)
      mail (~> 2.5, >= 2.5.4)
      rails-dom-testing (~> 2.0)
    actionpack (5.2.5)
      actionview (= 5.2.5)
      activesupport (= 5.2.5)
      rack (~> 2.0, >= 2.0.8)
      rack-test (>= 0.6.3)
      rails-dom-testing (~> 2.0)
      rails-html-sanitizer (~> 1.0, >= 1.0.2)
    actionview (5.2.5)
      activesupport (= 5.2.5)
      builder (~> 3.1)
      erubi (~> 1.4)
      rails-dom-testing (~> 2.0)
      rails-html-sanitizer (~> 1.0, >= 1.0.3)
    active_interaction (3.8.3)
      activemodel (>= 4, < 7)
    activeadmin (2.9.0)
      arbre (~> 1.2, >= 1.2.1)
      formtastic (>= 3.1, < 5.0)
      formtastic_i18n (~> 0.4)
      inherited_resources (~> 1.7)
      jquery-rails (~> 4.2)
      kaminari (~> 1.0, >= 1.2.1)
      railties (>= 5.2, < 6.2)
      ransack (~> 2.1, >= 2.1.1)
    activejob (5.2.5)
      activesupport (= 5.2.5)
      globalid (>= 0.3.6)
    activemodel (5.2.5)
      activesupport (= 5.2.5)
    activerecord (5.2.5)
      activemodel (= 5.2.5)
      activesupport (= 5.2.5)
      arel (>= 9.0)
    activestorage (5.2.5)
      actionpack (= 5.2.5)
      activerecord (= 5.2.5)
      marcel (~> 1.0.0)
    activesupport (5.2.5)
      concurrent-ruby (~> 1.0, >= 1.0.2)
      i18n (>= 0.7, < 2)
      minitest (~> 5.1)
      tzinfo (~> 1.1)
    addressable (2.7.0)
      public_suffix (>= 2.0.2, < 5.0)
    aliyun-sdk (0.8.0)
      nokogiri (~> 1.6)
      rest-client (~> 2.0)
    arbre (1.4.0)
      activesupport (>= 3.0.0, < 6.2)
      ruby2_keywords (>= 0.0.2, < 1.0)
    archive-zip (0.12.0)
      io-like (~> 0.3.0)
    arel (9.0.0)
    autoprefixer-rails (10.2.4.0)
      execjs
    bcrypt (3.1.16)
    bindex (0.8.1)
    bootsnap (1.7.3)
      msgpack (~> 1.0)
    bootstrap (4.6.0)
      autoprefixer-rails (>= 9.1.0)
      popper_js (>= 1.14.3, < 2)
      sassc-rails (>= 2.0.0)
    browser (5.3.1)
    builder (3.2.4)
    byebug (11.1.3)
    capybara (3.35.3)
      addressable
      mini_mime (>= 0.1.3)
      nokogiri (~> 1.8)
      rack (>= 1.6.0)
      rack-test (>= 0.6.3)
      regexp_parser (>= 1.5, < 3.0)
      xpath (~> 3.2)
    carrierwave (2.2.1)
      activemodel (>= 5.0.0)
      activesupport (>= 5.0.0)
      addressable (~> 2.6)
      image_processing (~> 1.1)
      marcel (~> 1.0.0)
      mini_mime (>= 0.1.3)
      ssrf_filter (~> 1.0)
    childprocess (3.0.0)
    chromedriver-helper (2.1.1)
      archive-zip (~> 0.10)
      nokogiri (~> 1.8)
    concurrent-ruby (1.1.10)
    crass (1.0.6)
    declarative (0.0.20)
    devise (4.7.3)
      bcrypt (~> 3.0)
      orm_adapter (~> 0.1)
      railties (>= 4.1.0)
      responders
      warden (~> 1.2.3)
    devise-bootstrap-views (1.1.0)
    domain_name (0.5.20190701)
      unf (>= 0.0.5, < 1.0.0)
    dotenv (2.7.6)
    dotenv-rails (2.7.6)
      dotenv (= 2.7.6)
      railties (>= 3.2)
    dry-inflector (0.2.0)
    erubi (1.10.0)
    erubis (2.7.0)
    excon (0.80.1)
    execjs (2.7.0)
    faraday (1.3.1)
      faraday-net_http (~> 1.0)
      multipart-post (>= 1.2, < 3)
      ruby2_keywords (>= 0.0.4)
    faraday-net_http (1.0.1)
    faraday_middleware (1.0.0)
      faraday (~> 1.0)
    ffi (1.15.0)
    file_validators (3.0.0)
      activemodel (>= 3.2)
      mime-types (>= 1.0)
    fission (0.5.0)
      CFPropertyList (~> 2.2)
    fog (2.2.0)
      fog-aliyun (>= 0.1.0)
      fog-atmos
      fog-aws (>= 0.6.0)
      fog-brightbox (~> 0.4)
      fog-cloudatcost (~> 0.4)
      fog-cloudstack (~> 0.1.0)
      fog-core (~> 2.1)
      fog-digitalocean (>= 0.3.0)
      fog-dnsimple (~> 2.1)
      fog-dynect (~> 0.0.2)
      fog-ecloud (~> 0.1)
      fog-google (~> 1.0)
      fog-internet-archive
      fog-json
      fog-local
      fog-openstack
      fog-ovirt
      fog-powerdns (>= 0.1.1)
      fog-profitbricks
      fog-rackspace
      fog-radosgw (>= 0.0.2)
      fog-riakcs
      fog-sakuracloud (>= 0.0.4)
      fog-serverlove
      fog-softlayer
      fog-storm_on_demand
      fog-terremark
      fog-vmfusion
      fog-voxel
      fog-vsphere (>= 0.4.0)
      fog-xenserver
      fog-xml (~> 0.1.1)
      ipaddress (~> 0.5)
      json (~> 2.0)
    fog-aliyun (0.3.19)
      aliyun-sdk (~> 0.8.0)
      fog-core
      fog-json
      ipaddress (~> 0.8)
      xml-simple (~> 1.1)
    fog-atmos (0.1.0)
      fog-core
      fog-xml
    fog-aws (3.10.0)
      fog-core (~> 2.1)
      fog-json (~> 1.1)
      fog-xml (~> 0.1)
      ipaddress (~> 0.8)
    fog-brightbox (0.16.1)
      dry-inflector
      fog-core
      fog-json
      mime-types
    fog-cloudatcost (0.4.0)
      fog-core
      fog-json
      ipaddress
    fog-cloudstack (0.1.0)
      fog-core (~> 2.1)
      fog-json (~> 1.1)
      fog-xml (~> 0.1)
    fog-core (2.1.0)
      builder
      excon (~> 0.58)
      formatador (~> 0.2)
      mime-types
    fog-digitalocean (0.4.0)
      fog-core
      fog-json
      fog-xml
      ipaddress (>= 0.5)
    fog-dnsimple (2.1.0)
      fog-core (>= 1.38, < 3)
      fog-json
    fog-dynect (0.0.3)
      fog-core
      fog-json
      fog-xml
    fog-ecloud (0.3.0)
      fog-core
      fog-xml
    fog-google (1.12.1)
      fog-core (<= 2.1.0)
      fog-json (~> 1.2)
      fog-xml (~> 0.1.0)
      google-api-client (>= 0.44.2, < 0.51)
      google-cloud-env (~> 1.2)
    fog-internet-archive (0.0.2)
      fog-core
      fog-json
      fog-xml
    fog-json (1.2.0)
      fog-core
      multi_json (~> 1.10)
    fog-local (0.6.0)
      fog-core (>= 1.27, < 3.0)
    fog-openstack (1.0.11)
      fog-core (~> 2.1)
      fog-json (>= 1.0)
      ipaddress (>= 0.8)
    fog-ovirt (2.0.1)
      activesupport
      fog-core
      fog-json
      fog-xml
      ovirt-engine-sdk (>= 4.3.1)
    fog-powerdns (0.2.0)
      fog-core
      fog-json
      fog-xml
    fog-profitbricks (0.0.5)
      fog-core
      fog-xml
      nokogiri
    fog-rackspace (0.1.6)
      fog-core (>= 1.35)
      fog-json (>= 1.0)
      fog-xml (>= 0.1)
      ipaddress (>= 0.8)
    fog-radosgw (0.0.5)
      fog-core (>= 1.21.0)
      fog-json
      fog-xml (>= 0.0.1)
    fog-riakcs (0.1.0)
      fog-core
      fog-json
      fog-xml
    fog-sakuracloud (1.7.5)
      fog-core
      fog-json
    fog-serverlove (0.1.2)
      fog-core
      fog-json
    fog-softlayer (1.1.4)
      fog-core
      fog-json
    fog-storm_on_demand (0.1.1)
      fog-core
      fog-json
    fog-terremark (0.1.0)
      fog-core
      fog-xml
    fog-vmfusion (0.1.0)
      fission
      fog-core
    fog-voxel (0.1.0)
      fog-core
      fog-xml
    fog-vsphere (3.5.0)
      fog-core
      rbvmomi (>= 1.9, < 3)
    fog-xenserver (1.0.0)
      fog-core
      fog-xml
      xmlrpc
    fog-xml (0.1.3)
      fog-core
      nokogiri (>= 1.5.11, < 2.0.0)
    formatador (0.2.5)
    formtastic (4.0.0)
      actionpack (>= 5.2.0)
    formtastic_i18n (0.6.0)
    gh (0.18.0)
      activesupport (~> 5.0)
      addressable (~> 2.4)
      faraday (~> 1.0)
      faraday_middleware (~> 1.0)
      multi_json (~> 1.0)
      net-http-persistent (~> 2.9)
      net-http-pipeline
    globalid (1.0.1)
      activesupport (>= 5.0)
    google-api-client (0.50.0)
      addressable (~> 2.5, >= 2.5.1)
      googleauth (~> 0.9)
      httpclient (>= 2.8.1, < 3.0)
      mini_mime (~> 1.0)
      representable (~> 3.0)
      retriable (>= 2.0, < 4.0)
      rexml
      signet (~> 0.12)
    google-cloud-env (1.5.0)
      faraday (>= 0.17.3, < 2.0)
    googleauth (0.16.1)
      faraday (>= 0.17.3, < 2.0)
      jwt (>= 1.4, < 3.0)
      memoist (~> 0.16)
      multi_json (~> 1.11)
      os (>= 0.9, < 2.0)
      signet (~> 0.14)
    haml (5.2.1)
      temple (>= 0.8.0)
      tilt
    haml-rails (2.0.1)
      actionpack (>= 5.1)
      activesupport (>= 5.1)
      haml (>= 4.0.6, < 6.0)
      html2haml (>= 1.0.1)
      railties (>= 5.1)
    has_scope (0.8.0)
      actionpack (>= 5.2)
      activesupport (>= 5.2)
    highline (2.0.3)
    html2haml (2.2.0)
      erubis (~> 2.7.0)
      haml (>= 4.0, < 6)
      nokogiri (>= 1.6.0)
      ruby_parser (~> 3.5)
    htmlentities (4.3.4)
    http-accept (1.7.0)
    http-cookie (1.0.3)
      domain_name (~> 0.5)
    httparty (0.18.1)
      mime-types (~> 3.0)
      multi_xml (>= 0.5.2)
    httpclient (2.8.3)
    i18n (1.12.0)
      concurrent-ruby (~> 1.0)
    image_processing (1.12.1)
      mini_magick (>= 4.9.5, < 5)
      ruby-vips (>= 2.0.17, < 3)
    inherited_resources (1.12.0)
      actionpack (>= 5.2, < 6.2)
      has_scope (~> 0.6)
      railties (>= 5.2, < 6.2)
      responders (>= 2, < 4)
    io-like (0.3.1)
    ipaddress (0.8.3)
    jquery-rails (4.4.0)
      rails-dom-testing (>= 1, < 3)
      railties (>= 4.2.0)
      thor (>= 0.14, < 2.0)
    json (2.5.1)
    json_pure (2.5.1)
    jwt (2.2.2)
    kaminari (1.2.1)
      activesupport (>= 4.1.0)
      kaminari-actionview (= 1.2.1)
      kaminari-activerecord (= 1.2.1)
      kaminari-core (= 1.2.1)
    kaminari-actionview (1.2.1)
      actionview
      kaminari-core (= 1.2.1)
    kaminari-activerecord (1.2.1)
      activerecord
      kaminari-core (= 1.2.1)
    kaminari-core (1.2.1)
    kgio (2.11.3)
    launchy (2.4.3)
      addressable (~> 2.3)
    letter_opener (1.7.0)
      launchy (~> 2.2)
    letter_opener_web (1.4.0)
      actionmailer (>= 3.2)
      letter_opener (~> 1.0)
      railties (>= 3.2)
    libv8-node (15.14.0.0)
    listen (3.1.5)
      rb-fsevent (~> 0.9, >= 0.9.4)
      rb-inotify (~> 0.9, >= 0.9.7)
      ruby_dep (~> 1.2)
    loofah (2.9.1)
      crass (~> 1.0.2)
      nokogiri (>= 1.5.9)
    mail (2.7.1)
      mini_mime (>= 0.1.1)
    marcel (1.0.1)
    memoist (0.16.2)
    meta-tags (2.14.0)
      actionpack (>= 3.2.0, < 6.2)
    method_source (1.0.0)
    mime-types (3.3.1)
      mime-types-data (~> 3.2015)
    mime-types-data (3.2021.0225)
    mini_magick (4.11.0)
    mini_mime (1.1.0)
    mini_portile2 (2.5.0)
    mini_racer (0.4.0)
      libv8-node (~> 15.14.0.0)
    minitest (5.17.0)
    msgpack (1.4.2)
    multi_json (1.15.0)
    multi_xml (0.6.0)
    multipart-post (2.1.1)
    mysql2 (0.5.3)
    net-http-persistent (2.9.4)
    net-http-pipeline (1.0.1)
    netrc (0.11.0)
    new_google_recaptcha (1.2.0)
      rails (>= 4.2.0)
    nio4r (2.5.7)
    nokogiri (1.11.3)
      mini_portile2 (~> 2.5.0)
      racc (~> 1.4)
    optimist (3.0.1)
    orm_adapter (0.5.0)
    os (1.1.1)
    ovirt-engine-sdk (4.4.1)
      json (>= 1, < 3)
    popper_js (1.16.0)
    postmark (1.21.3)
      json
    postmark-rails (0.21.0)
      actionmailer (>= 3.0.0)
      postmark (>= 1.21.3, < 2.0)
    public_suffix (4.0.6)
    puma (3.12.6)
    pusher-client (0.6.2)
      json
      websocket (~> 1.0)
    racc (1.5.2)
    rack (2.2.3)
    rack-test (1.1.0)
      rack (>= 1.0, < 3)
    rails (5.2.5)
      actioncable (= 5.2.5)
      actionmailer (= 5.2.5)
      actionpack (= 5.2.5)
      actionview (= 5.2.5)
      activejob (= 5.2.5)
      activemodel (= 5.2.5)
      activerecord (= 5.2.5)
      activestorage (= 5.2.5)
      activesupport (= 5.2.5)
      bundler (>= 1.3.0)
      railties (= 5.2.5)
      sprockets-rails (>= 2.0.0)
    rails-dom-testing (2.0.3)
      activesupport (>= 4.2.0)
      nokogiri (>= 1.6)
    rails-html-sanitizer (1.3.0)
      loofah (~> 2.3)
    railties (5.2.5)
      actionpack (= 5.2.5)
      activesupport (= 5.2.5)
      method_source
      rake (>= 0.8.7)
      thor (>= 0.19.0, < 2.0)
    raindrops (0.19.1)
    rake (13.0.3)
    ransack (2.4.2)
      activerecord (>= 5.2.4)
      activesupport (>= 5.2.4)
      i18n
    rb-fsevent (0.10.4)
    rb-inotify (0.10.1)
      ffi (~> 1.0)
    rbvmomi (2.4.1)
      builder (~> 3.0)
      json (>= 1.8)
      nokogiri (~> 1.5)
      optimist (~> 3.0)
    redcarpet (3.5.1)
    regexp_parser (2.1.1)
    representable (3.1.1)
      declarative (< 0.1.0)
      trailblazer-option (>= 0.1.1, < 0.2.0)
      uber (< 0.2.0)
    responders (3.0.1)
      actionpack (>= 5.0)
      railties (>= 5.0)
    rest-client (2.1.0)
      http-accept (>= 1.7.0, < 2.0)
      http-cookie (>= 1.0.2, < 2.0)
      mime-types (>= 1.16, < 4.0)
      netrc (~> 0.8)
    retriable (3.1.2)
    rexml (3.2.5)
    ruby-vips (2.1.0)
      ffi (~> 1.12)
    ruby2_keywords (0.0.4)
    ruby_dep (1.5.0)
    ruby_parser (3.15.1)
      sexp_processor (~> 4.9)
    rubyzip (2.3.0)
    sass (3.7.4)
      sass-listen (~> 4.0.0)
    sass-listen (4.0.0)
      rb-fsevent (~> 0.9, >= 0.9.4)
      rb-inotify (~> 0.9, >= 0.9.7)
    sass-rails (5.1.0)
      railties (>= 5.2.0)
      sass (~> 3.1)
      sprockets (>= 2.8, < 4.0)
      sprockets-rails (>= 2.0, < 4.0)
      tilt (>= 1.1, < 3)
    sassc (2.4.0)
      ffi (~> 1.9)
    sassc-rails (2.1.2)
      railties (>= 4.0.0)
      sassc (>= 2.0)
      sprockets (> 3.0)
      sprockets-rails
      tilt
    selenium-webdriver (3.142.7)
      childprocess (>= 0.5, < 4.0)
      rubyzip (>= 1.2.2)
    sexp_processor (4.15.2)
    signet (0.15.0)
      addressable (~> 2.3)
      faraday (>= 0.17.3, < 2.0)
      jwt (>= 1.5, < 3.0)
      multi_json (~> 1.10)
    sitemap_generator (6.1.2)
      builder (~> 3.0)
    slack-notifier (2.3.2)
    spring (2.1.1)
    spring-watcher-listen (2.0.1)
      listen (>= 2.7, < 4.0)
      spring (>= 1.2, < 3.0)
    sprockets (3.7.2)
      concurrent-ruby (~> 1.0)
      rack (> 1, < 3)
    sprockets-rails (3.2.2)
      actionpack (>= 4.0)
      activesupport (>= 4.0)
      sprockets (>= 3.0.0)
    sqlite3 (1.4.2)
    ssrf_filter (1.0.7)
    sucker_punch (3.0.1)
      concurrent-ruby (~> 1.0)
    temple (0.8.2)
    thor (1.1.0)
    thread_safe (0.3.6)
    tilt (2.0.10)
    trailblazer-option (0.1.1)
    travis (1.10.0)
      faraday (~> 1.0)
      faraday_middleware (~> 1.0)
      gh (~> 0.13)
      highline (~> 2.0)
      json_pure (~> 2.3)
      launchy (~> 2.1, < 2.5.0)
      pusher-client (~> 0.4)
    tzinfo (1.2.10)
      thread_safe (~> 0.1)
    uber (0.1.0)
    uglifier (4.2.0)
      execjs (>= 0.3.0, < 3)
    unf (0.1.4)
      unf_ext
    unf_ext (0.0.7.7)
    unicorn (6.0.0)
      kgio (~> 2.6)
      raindrops (~> 0.7)
    warden (1.2.9)
      rack (>= 2.0.9)
    web-console (3.7.0)
      actionview (>= 5.0)
      activemodel (>= 5.0)
      bindex (>= 0.4.0)
      railties (>= 5.0)
    webrick (1.7.0)
    websocket (1.2.9)
    websocket-driver (0.7.3)
      websocket-extensions (>= 0.1.0)
    websocket-extensions (0.1.5)
    xml-simple (1.1.8)
    xmlrpc (0.3.2)
      webrick
    xpath (3.2.0)
      nokogiri (~> 1.8)

PLATFORMS
  ruby

DEPENDENCIES
  active_interaction (~> 3.7)
  activeadmin (~> 2.6)
  activeadmin_easymde!
  bcrypt (~> 3.1.7)
  bootsnap (>= 1.1.0)
  bootstrap (~> 4.3, >= 4.3.1)
  browser
  bundler (= 2.2.14)
  byebug
  capybara (>= 2.15)
  carrierwave
  chromedriver-helper
  devise
  devise-bootstrap-views
  dotenv-rails
  file_validators
  fog
  haml-rails (~> 2.0, >= 2.0.1)
  htmlentities
  httparty
  jquery-rails (~> 4.3, >= 4.3.5)
  kaminari
  letter_opener_web (~> 1.0)
  listen (>= 3.0.5, < 3.2)
  meta-tags (~> 2.1)
  mini_magick
  mini_racer
  mysql2 (~> 0.5.2)
  new_google_recaptcha
  postmark-rails
  puma (~> 3.12)
  rails (~> 5.2.3)
  redcarpet
  sass-rails (~> 5.0)
  selenium-webdriver
  sitemap_generator
  slack-notifier
  spring
  spring-watcher-listen (~> 2.0.0)
  sprockets-rails (~> 3.2, >= 3.2.1)
  sqlite3
  sucker_punch
  travis
  tzinfo-data
  uglifier (>= 1.3.0)
  unicorn
  web-console (>= 3.3.0)

BUNDLED WITH
   2.2.14
